GEM
  remote: https://rubygems.org/
  specs:
    activesupport (4.0.2)
      i18n (~> 0.6, >= 0.6.4)
      minitest (~> 4.2)
      multi_json (~> 1.3)
      thread_safe (~> 0.1)
      tzinfo (~> 0.3.37)
    addressable (2.3.5)
    amq-protocol (1.9.0)
    amqp (1.1.7)
      amq-protocol (>= 1.9.0)
      eventmachine
    atomic (1.1.14)
    builder (3.2.2)
    coderay (1.1.0)
    eventmachine (1.0.3)
    excon (0.28.0)
    faraday (0.8.8)
      multipart-post (~> 1.2.0)
    fog (1.18.0)
      builder
      excon (~> 0.28.0)
      formatador (~> 0.2.0)
      mime-types
      multi_json (~> 1.0)
      net-scp (~> 1.1)
      net-ssh (>= 2.1.3)
      nokogiri (~> 1.5)
      ruby-hmac
    formatador (0.2.4)
    git (1.2.6)
    github_api (0.10.1)
      addressable
      faraday (~> 0.8.1)
      hashie (>= 1.2)
      multi_json (~> 1.4)
      nokogiri (~> 1.5.2)
      oauth2
    hashie (2.0.5)
    highline (1.6.20)
    httpauth (0.2.0)
    i18n (0.6.9)
    jeweler (1.8.8)
      builder
      bundler (~> 1.0)
      git (>= 1.2.5)
      github_api (= 0.10.1)
      highline (>= 1.6.15)
      nokogiri (= 1.5.10)
      rake
      rdoc
    json (1.8.1)
    jwt (0.1.8)
      multi_json (>= 1.5)
    method_source (0.8.2)
    mime-types (2.0)
    minitest (4.7.5)
    multi_json (1.8.2)
    multi_xml (0.5.5)
    multipart-post (1.2.0)
    net-scp (1.1.2)
      net-ssh (>= 2.6.5)
    net-ssh (2.7.0)
    nokogiri (1.5.10)
    oauth2 (0.9.2)
      faraday (~> 0.8)
      httpauth (~> 0.2)
      jwt (~> 0.1.4)
      multi_json (~> 1.0)
      multi_xml (~> 0.5)
      rack (~> 1.2)
    pry (0.9.12.4)
      coderay (~> 1.0)
      method_source (~> 0.8)
      slop (~> 3.4)
    rack (1.5.2)
    rake (10.1.0)
    rdoc (3.12.2)
      json (~> 1.4)
    recursive-open-struct (0.4.5)
    ruby-hmac (0.4.0)
    shoulda (3.5.0)
      shoulda-context (~> 1.0, >= 1.0.1)
      shoulda-matchers (>= 1.4.1, < 3.0)
    shoulda-context (1.1.6)
    shoulda-matchers (2.4.0)
      activesupport (>= 3.0.0)
    slop (3.4.7)
    thread_safe (0.1.3)
      atomic
    tzinfo (0.3.38)

PLATFORMS
  ruby

DEPENDENCIES
  amqp
  bundler (~> 1.0)
  fog
  jeweler (~> 1.8.7)
  pry
  rdoc (~> 3.12)
  recursive-open-struct
  shoulda
